PATH
  remote: .
  specs:
    fluent-plugin-prometheus (0.1.0)
      fluentd (>= 0.14.10, < 2)
      httpx (~> 1.4.0)
      prometheus-client (~> 4.2.3)
      rufus-scheduler (~> 3.9.2)

GEM
  remote: https://rubygems.org/
  specs:
    base64 (0.2.0)
    certstore_c (0.1.7)
    concurrent-ruby (1.3.4)
    cool.io (1.9.0)
    csv (3.3.2)
    drb (2.2.1)
    et-orbi (1.2.11)
      tzinfo
    ffi (1.17.1-x64-mingw-ucrt)
    ffi-win32-extensions (1.0.4)
      ffi
    fluentd (1.18.0)
      base64 (~> 0.2)
      bundler
      cool.io (>= 1.4.5, < 2.0.0)
      csv (~> 3.2)
      drb (~> 2.2)
      http_parser.rb (>= 0.5.1, < 0.9.0)
      logger (~> 1.6)
      msgpack (>= 1.3.1, < 2.0.0)
      serverengine (>= 2.3.2, < 3.0.0)
      sigdump (~> 0.2.5)
      strptime (>= 0.2.4, < 1.0.0)
      tzinfo (>= 1.0, < 3.0)
      tzinfo-data (~> 1.0)
      webrick (~> 1.4)
      yajl-ruby (~> 1.0)
    fluentd (1.18.0-x64-mingw-ucrt)
      base64 (~> 0.2)
      bundler
      certstore_c (~> 0.1.7)
      cool.io (>= 1.4.5, < 2.0.0)
      csv (~> 3.2)
      drb (~> 2.2)
      http_parser.rb (>= 0.5.1, < 0.9.0)
      logger (~> 1.6)
      msgpack (>= 1.3.1, < 2.0.0)
      serverengine (>= 2.3.2, < 3.0.0)
      sigdump (~> 0.2.5)
      strptime (>= 0.2.4, < 1.0.0)
      tzinfo (>= 1.0, < 3.0)
      tzinfo-data (~> 1.0)
      webrick (~> 1.4)
      win32-event (~> 0.6.3)
      win32-ipc (~> 0.7.0)
      win32-service (~> 2.3.0)
      yajl-ruby (~> 1.0)
    fugit (1.11.1)
      et-orbi (~> 1, >= 1.2.11)
      raabro (~> 1.4)
    http-2 (1.0.2)
    http_parser.rb (0.8.0)
    httpx (1.4.0)
      http-2 (>= 1.0.0)
    logger (1.6.4)
    msgpack (1.7.5)
    power_assert (2.0.5)
    prometheus-client (4.2.3)
      base64
    raabro (1.4.0)
    rake (13.0.6)
    rufus-scheduler (3.9.2)
      fugit (~> 1.1, >= 1.11.1)
    serverengine (2.4.0)
      base64 (~> 0.1)
      logger (~> 1.4)
      sigdump (~> 0.2.2)
    sigdump (0.2.5)
    strptime (0.2.5)
    test-unit (3.5.9)
      power_assert
    tzinfo (2.0.6)
      concurrent-ruby (~> 1.0)
    tzinfo-data (1.2024.2)
      tzinfo (>= 1.0.0)
    webrick (1.9.1)
    win32-event (0.6.3)
      win32-ipc (>= 0.6.0)
    win32-ipc (0.7.0)
      ffi
    win32-service (2.3.2)
      ffi
      ffi-win32-extensions
    yajl-ruby (1.4.3)

PLATFORMS
  arm64-darwin-24
  ruby
  x64-mingw-ucrt

DEPENDENCIES
  bundler (~> 2.6.2)
  fluent-plugin-prometheus!
  rake (~> 13.0.6)
  test-unit (~> 3.5.9)

BUNDLED WITH
   2.6.2
