PATH
  remote: .
  specs:
    fluent-plugin-prometheus (0.1.0)
      fluentd (>= 0.14.10, < 2)
      prometheus-client (~> 4.2.3)
      rufus-scheduler (~> 3.9.2)

GEM
  remote: https://rubygems.org/
  specs:
    base64 (0.2.0)
    concurrent-ruby (1.3.4)
    cool.io (1.9.0)
    csv (3.3.2)
    drb (2.2.1)
    et-orbi (1.2.11)
      tzinfo
    fluentd (1.18.0)
      base64 (~> 0.2)
      bundler
      cool.io (>= 1.4.5, < 2.0.0)
      csv (~> 3.2)
      drb (~> 2.2)
      http_parser.rb (>= 0.5.1, < 0.9.0)
      logger (~> 1.6)
      msgpack (>= 1.3.1, < 2.0.0)
      serverengine (>= 2.3.2, < 3.0.0)
      sigdump (~> 0.2.5)
      strptime (>= 0.2.4, < 1.0.0)
      tzinfo (>= 1.0, < 3.0)
      tzinfo-data (~> 1.0)
      webrick (~> 1.4)
      yajl-ruby (~> 1.0)
    fugit (1.11.1)
      et-orbi (~> 1, >= 1.2.11)
      raabro (~> 1.4)
    http_parser.rb (0.8.0)
    logger (1.6.4)
    msgpack (1.7.5)
    power_assert (2.0.5)
    prometheus-client (4.2.3)
      base64
    raabro (1.4.0)
    rake (13.0.6)
    rufus-scheduler (3.9.2)
      fugit (~> 1.1, >= 1.11.1)
    serverengine (2.4.0)
      base64 (~> 0.1)
      logger (~> 1.4)
      sigdump (~> 0.2.2)
    sigdump (0.2.5)
    strptime (0.2.5)
    test-unit (3.5.9)
      power_assert
    tzinfo (2.0.6)
      concurrent-ruby (~> 1.0)
    tzinfo-data (1.2024.2)
      tzinfo (>= 1.0.0)
    webrick (1.9.1)
    yajl-ruby (1.4.3)

PLATFORMS
  arm64-darwin-24
  ruby

DEPENDENCIES
  bundler (~> 2.6.2)
  fluent-plugin-prometheus!
  rake (~> 13.0.6)
  test-unit (~> 3.5.9)

BUNDLED WITH
   2.6.2
